GEM
  specs:
    docile (1.1.5)
    json (2.1.0)
    simplecov (0.12.0)
      docile (~> 1.1.0)
      json (>= 1.8, < 3)
      simplecov-html (~> 0.10.0)
    simplecov-html (0.10.2)

PLATFORMS
  ruby

DEPENDENCIES
  simplecov

BUNDLED WITH
   1.16.0.pre.3
